
type = string-attribute
name = HISTORY_NOTE
count = 925
'[dglen@gollum.nimh.nih.gov: Tue Jun 14 13:57:43 2011] to3d -geomparent PMaps/wThalamus_Motor.nii -view tlrc -prefix caez_colin27_T1_18 3Db:0:0:151:188:154:colin27T1_seg.img\n[dglen@gollum.nimh.nih.gov: Tue Jun 14 13:57:57 2011] 3drefit -space MNI_ANAT caez_colin27_T1_18+tlrc\n[dglen@gollum.nimh.nih.gov: Thu Nov  3 13:47:06 2011] 3dcopy ./MNIa_caez_N27+tlrc MNI_caez_N27\n[dglen@gollum.nimh.nih.gov: Thu Nov  3 13:47:08 2011] 3drefit -dxorigin 0.000000 -dyorigin -4.000000 -dzorigin -5.000000 MNI_caez_N27+tlrc\n[dglen@gollum.nimh.nih.gov: Thu Nov  3 13:47:10 2011] @Shift_Volume -MNI_Anat_to_MNI -dset MNIa_caez_N27+tlrc -prefix MNI_caez_N27\n[dglen@gollum.nimh.nih.gov: Thu Nov  3 21:24:47 2011] 3drefit -space MNI MNI_caez_N27+tlrc\n[glend@MH02217904MLI: Thu Oct 12 17:17:26 2023] {AFNI_23.2.08:macos_11_ARM_clang} 3drefit -space MNI_N27 MNI_caez_N27+tlrc. MNI_caez_gw_18+tlrc. MNI_caez_lr_18+tlrc. MNI_caez_mpm_22+tlrc.~

type = string-attribute
name = TYPESTRING
count = 15
'3DIM_HEAD_ANAT~

type = string-attribute
name = IDCODE_STRING
count = 27
'AFN_7aNnvzYfGHF-_HcmEhXBgg~

type = string-attribute
name = IDCODE_DATE
count = 25
'Thu Nov  3 13:47:06 2011~

type = integer-attribute
name = SCENE_DATA
count = 8
 2 0 0 -999 -999
 -999 -999 -999

type = string-attribute
name = LABEL_1
count = 24
'caez_colin27_T1_18+tlrc~

type = string-attribute
name = LABEL_2
count = 7
'Viggo!~

type = string-attribute
name = DATASET_NAME
count = 26
'./caez_colin27_T1_18+tlrc~

type = integer-attribute
name = ORIENT_SPECIFIC
count = 3
 1 2 4

type  = float-attribute
name  = ORIGIN
count = 3
             75            111            -68

type  = float-attribute
name  = DELTA
count = 3
             -1             -1              1

type  = float-attribute
name  = IJK_TO_DICOM
count = 12
             -1              0              0             75              0
             -1              0            111              0              0
              1            -68

type  = float-attribute
name  = IJK_TO_DICOM_REAL
count = 12
             -1              0              0             75              0
             -1              0            111              0              0
              1            -68

type  = float-attribute
name  = BRICK_STATS
count = 2
              0            222

type = integer-attribute
name = DATASET_RANK
count = 8
 3 1 0 0 0
 0 0 0

type = integer-attribute
name = DATASET_DIMENSIONS
count = 5
 151 188 154 0 0

type = integer-attribute
name = BRICK_TYPES
count = 1
 0

type  = float-attribute
name  = BRICK_FLOAT_FACS
count = 1
              0

type = string-attribute
name = TEMPLATE_SPACE
count = 8
'MNI_N27~

type = integer-attribute
name = INT_CMAP
count = 1
 0

type = string-attribute
name = BYTEORDER_STRING
count = 10
'LSB_FIRST~

type = string-attribute
name = BRICK_LABS
count = 3
'#0~

type = string-attribute
name = BRICK_KEYWORDS
count = 1
'~
